GEM
  remote: http://rubygems.org/
  specs:
    backports (2.6.5)
    fixer (0.5.0)
      nokogiri (~> 1.5)
    kgio (2.7.4)
    minitest (4.3.0)
    multi_json (1.3.7)
    nokogiri (1.5.5)
    pg (0.14.1)
    rack (1.5.2)
    rack-protection (1.3.2)
      rack
    rack-test (0.6.2)
      rack (>= 1.0)
    raindrops (0.10.0)
    sequel (3.41.0)
    shotgun (0.9)
      rack (>= 1.0)
    sinatra (1.3.4)
      rack (~> 1.4)
      rack-protection (~> 1.3)
      tilt (~> 1.3, >= 1.3.3)
    sinatra-jsonp (0.4)
      multi_json (~> 1.3.7)
      sinatra (~> 1.0)
    tilt (1.3.3)
    unicorn (4.4.0)
      kgio (~> 2.6)
      rack
      raindrops (~> 0.7)
    virtus (0.5.2)
      backports (~> 2.6.1)
    yajl-ruby (1.1.0)

PLATFORMS
  ruby

DEPENDENCIES
  fixer
  minitest
  pg
  rack-test
  sequel
  shotgun
  sinatra-jsonp
  unicorn
  virtus
  yajl-ruby
