GEM
  remote: http://rubygems.org/
  specs:
    ansi (1.5.0)
    ast (2.3.0)
    coderay (1.1.1)
    fixer (0.6.0)
      oga (~> 2.0)
    kgio (2.10.0)
    method_source (0.8.2)
    minitest (5.9.0)
    minitest-around (0.3.2)
      minitest (~> 5.0)
    newrelic_rpm (3.15.2.317)
    oga (2.2)
      ast
      ruby-ll (~> 2.1)
    oj (2.15.1)
    pg (0.18.4)
    pry (0.10.3)
      coderay (~> 1.1.0)
      method_source (~> 0.8.1)
      slop (~> 3.4)
    rack (1.6.4)
    rack-cors (0.4.0)
    rack-protection (1.5.3)
      rack
    rack-test (0.6.3)
      rack (>= 1.0)
    raindrops (0.16.0)
    rake (11.1.2)
    ruby-ll (2.1.2)
      ansi
      ast
    sequel (4.35.0)
    sequel_pg (1.6.17)
      pg (>= 0.8.0)
      sequel (>= 4.0.0)
    shotgun (0.9.1)
      rack (>= 1.0)
    sinatra (1.4.7)
      rack (~> 1.5)
      rack-protection (~> 1.4)
      tilt (>= 1.3, < 3)
    slop (3.6.0)
    tilt (2.0.5)
    unicorn (5.1.0)
      kgio (~> 2.6)
      raindrops (~> 0.7)

PLATFORMS
  ruby

DEPENDENCIES
  fixer
  minitest
  minitest-around
  newrelic_rpm
  oj
  pry
  rack-cors
  rack-test
  rake
  sequel_pg
  shotgun
  sinatra
  unicorn

RUBY VERSION
   ruby 2.3.1p112

BUNDLED WITH
   1.12.3
